PATH
  remote: .
  specs:
    ralbum (0.0.1)
      commander
      json (~> 1)
      rmagick (~> 2)

GEM
  remote: https://rubygems.org/
  specs:
    commander (4.2.1)
      highline (~> 1.6.11)
    diff-lcs (1.2.5)
    highline (1.6.21)
    json (1.8.1)
    rmagick (2.13.4)
    rspec (3.1.0)
      rspec-core (~> 3.1.0)
      rspec-expectations (~> 3.1.0)
      rspec-mocks (~> 3.1.0)
    rspec-core (3.1.7)
      rspec-support (~> 3.1.0)
    rspec-expectations (3.1.2)
      diff-lcs (>= 1.2.0, < 2.0)
      rspec-support (~> 3.1.0)
    rspec-mocks (3.1.3)
      rspec-support (~> 3.1.0)
    rspec-support (3.1.2)

PLATFORMS
  ruby

DEPENDENCIES
  ralbum!
  rspec
